PATH
  remote: /Users/constantin/Coding/Repos/Newick-ruby
  specs:
    newick-ruby (1.0.4)
      fpdf (>= 1.5.3)

GEM
  remote: https://rubygems.org/
  specs:
    fpdf (1.53)
    parallel (1.6.0)
    require_all (1.3.2)
    ruby-progressbar (1.7.5)
    stackprof (0.2.7)
    thor (0.19.1)

PLATFORMS
  ruby

DEPENDENCIES
  newick-ruby!
  parallel
  require_all
  ruby-progressbar
  stackprof
  thor
