GEM
  remote: https://rubygems.org/
  specs:
    parallel (1.6.0)
    ruby-progressbar (1.7.5)
    stackprof (0.2.7)
    thor (0.19.1)

PLATFORMS
  ruby

DEPENDENCIES
  parallel
  ruby-progressbar
  stackprof
  thor
