GEM
  remote: https://rubygems.org/
  specs:
    descriptive_statistics (2.5.1)
    logger (1.2.8)
    parallel (1.6.0)
    stackprof (0.2.7)
    thor (0.19.1)

PLATFORMS
  ruby

DEPENDENCIES
  descriptive_statistics
  logger
  parallel
  stackprof
  thor

BUNDLED WITH
   1.10.5
