GEM
  remote: https://rubygems.org/
  specs:
    descriptive_statistics (2.5.1)
    logger (1.2.8)
    parallel (1.6.0)
    rinruby (2.0.3)
    stackprof (0.2.7)

PLATFORMS
  ruby

DEPENDENCIES
  descriptive_statistics
  logger
  parallel
  rinruby
  stackprof

BUNDLED WITH
   1.10.5
