GEM
  remote: https://rubygems.org/
  specs:
    parallel (1.6.0)
    require_all (1.3.2)
    ruby-progressbar (1.7.5)
    ruby_deep_clone (0.6.0)
    stackprof (0.2.7)
    thor (0.19.1)

PLATFORMS
  ruby

DEPENDENCIES
  parallel
  require_all
  ruby-progressbar
  ruby_deep_clone
  stackprof
  thor

BUNDLED WITH
   1.10.6
